GEM
  remote: https://rubygems.org/
  specs:
    json (2.1.0)
    sequel (4.48.0)
    sqlite3 (1.3.13)

PLATFORMS
  ruby

DEPENDENCIES
  json
  sequel
  sqlite3

BUNDLED WITH
   1.15.1
